PATH
  remote: .
  specs:
    prawn-pdfimage (0.0.2)
      pdf-reader (= 1.4.0)
      prawn (>= 0.15, < 3.0)

GEM
  remote: https://rubygems.org/
  specs:
    Ascii85 (1.0.3)
    afm (0.2.2)
    ast (2.0.0)
    astrolabe (1.3.0)
      parser (>= 2.2.0.pre.3, < 3.0)
    diff-lcs (1.2.5)
    hashery (2.1.2)
    parser (2.2.2.3)
      ast (>= 1.1, < 3.0)
    pdf-core (0.7.0)
    pdf-reader (1.4.0)
      Ascii85 (~> 1.0.0)
      afm (~> 0.2.1)
      hashery (~> 2.0)
      ruby-rc4
      ttfunk
    powerpack (0.1.1)
    prawn (2.2.2)
      pdf-core (~> 0.7.0)
      ttfunk (~> 1.5)
    rainbow (2.0.0)
    rspec (3.3.0)
      rspec-core (~> 3.3.0)
      rspec-expectations (~> 3.3.0)
      rspec-mocks (~> 3.3.0)
    rspec-core (3.3.2)
      rspec-support (~> 3.3.0)
    rspec-expectations (3.3.1)
      diff-lcs (>= 1.2.0, < 2.0)
      rspec-support (~> 3.3.0)
    rspec-mocks (3.3.2)
      diff-lcs (>= 1.2.0, < 2.0)
      rspec-support (~> 3.3.0)
    rspec-support (3.3.0)
    rubocop (0.30.1)
      astrolabe (~> 1.3)
      parser (>= 2.2.2.1, < 3.0)
      powerpack (~> 0.1)
      rainbow (>= 1.99.1, < 3.0)
      ruby-progressbar (~> 1.4)
    ruby-progressbar (1.7.5)
    ruby-rc4 (0.1.5)
    ttfunk (1.5.1)

PLATFORMS
  ruby

DEPENDENCIES
  prawn-pdfimage!
  rspec
  rubocop

BUNDLED WITH
   1.16.2
